GEM
  remote: http://rubygems.org/
  specs:
    addressable (2.2.8)
    blankslate (2.1.2.4)
    bson (1.6.4)
    domainatrix (0.0.10)
      addressable
    ffi (1.0.11)
    hashery (1.5.0)
      blankslate
    json (1.7.3)
    log4r (1.1.10)
    mime-types (1.18)
    mongo (1.6.4)
      bson (~> 1.6.4)
    rack (1.4.1)
    terminal-table (1.4.5)
    trollop (1.16.2)
    typhoeus (0.4.2)
      ffi (~> 1.0)
      mime-types (~> 1.18)
    whois (2.6.2)

PLATFORMS
  ruby

DEPENDENCIES
  domainatrix
  hashery
  json
  log4r
  mongo
  rack
  terminal-table
  trollop
  typhoeus
  whois
